GIT
  remote: https://github.com/locomotivecms/wagon.git
  revision: 85668009efa4fbcd83bb5c64b3db151eb329e029
  branch: master
  specs:
    locomotivecms_wagon (3.2.0.alpha2)
      faker (~> 3.2)
      haml (~> 6.2.3)
      listen (~> 3.8.0)
      locomotivecms_coal (~> 1.8.0.alpha1)
      locomotivecms_common (~> 0.6.0.alpha1)
      locomotivecms_steam (~> 1.8.0.alpha2)
      neatjson (~> 0.10)
      netrc (~> 0.11.0)
      oj (~> 3.16.1)
      puma (~> 6.4.0)
      rackup (~> 2.1.0)
      thor (~> 1.3.0)

GIT
  remote: https://github.com/shopinvader/locomotive-shopinvader.git
  revision: f23e09af2070d6aba83f9745571f0755d6c31dc0
  branch: upgrade-for-wagon-3-2
  specs:
    shop_invader (0.1.0)
      algoliasearch (~> 1.13.0)
      elasticsearch (~> 6.2.0)
      faraday (~> 1.0)
      jwt (~> 2.2.1)
      rack-utm (~> 0.0.2)

GEM
  remote: https://rubygems.org/
  specs:
    RedCloth (4.3.4)
    activesupport (8.0.2)
      base64
      benchmark (>= 0.3)
      bigdecimal
      concurrent-ruby (~> 1.0, >= 1.3.1)
      connection_pool (>= 2.2.5)
      drb
      i18n (>= 1.6, < 2)
      logger (>= 1.4.2)
      minitest (>= 5.1)
      securerandom (>= 0.3)
      tzinfo (~> 2.0, >= 2.0.5)
      uri (>= 0.13.1)
    addressable (2.8.7)
      public_suffix (>= 2.0.2, < 7.0)
    algoliasearch (1.13.0)
      httpclient (~> 2.8.3)
      json (>= 1.5.1)
    attr_extras (7.1.0)
    base64 (0.3.0)
    bcrypt (3.1.20)
    benchmark (0.4.1)
    bigdecimal (3.2.2)
    chronic (0.10.2)
    colorize (1.1.0)
    concurrent-ruby (1.3.5)
    connection_pool (2.5.3)
    crass (1.0.6)
    date (3.4.1)
    dragonfly (1.4.1)
      addressable (~> 2.3)
      multi_json (~> 1.0)
      ostruct (~> 0.6.1)
      rack (>= 1.3)
    drb (2.2.3)
    duktape (2.0.1.1)
    elasticsearch (6.2.0)
      elasticsearch-api (= 6.2.0)
      elasticsearch-transport (= 6.2.0)
    elasticsearch-api (6.2.0)
      multi_json
    elasticsearch-transport (6.2.0)
      faraday
      multi_json
    execjs (2.9.1)
    faker (3.5.2)
      i18n (>= 1.8.11, < 2)
    faraday (1.10.4)
      faraday-em_http (~> 1.0)
      faraday-em_synchrony (~> 1.0)
      faraday-excon (~> 1.1)
      faraday-httpclient (~> 1.0)
      faraday-multipart (~> 1.0)
      faraday-net_http (~> 1.0)
      faraday-net_http_persistent (~> 1.0)
      faraday-patron (~> 1.0)
      faraday-rack (~> 1.0)
      faraday-retry (~> 1.0)
      ruby2_keywords (>= 0.0.4)
    faraday-em_http (1.0.0)
    faraday-em_synchrony (1.0.1)
    faraday-excon (1.1.0)
    faraday-httpclient (1.0.1)
    faraday-multipart (1.1.1)
      multipart-post (~> 2.0)
    faraday-net_http (1.0.2)
    faraday-net_http_persistent (1.2.0)
    faraday-patron (1.0.0)
    faraday-rack (1.0.0)
    faraday-retry (1.0.3)
    faraday_middleware (1.2.1)
      faraday (~> 1.0)
    ffi (1.17.2)
    ffi (1.17.2-arm64-darwin)
    haml (6.2.5)
      temple (>= 0.8.2)
      thor
      tilt
    httparty (0.21.0)
      mini_mime (>= 1.0.0)
      multi_xml (>= 0.5.2)
    httpclient (2.8.3)
    i18n (1.14.7)
      concurrent-ruby (~> 1.0)
    json (2.13.2)
    jwt (2.2.3)
    kramdown (2.3.2)
      rexml
    liquid (4.0.4)
    listen (3.8.0)
      rb-fsevent (~> 0.10, >= 0.10.3)
      rb-inotify (~> 0.9, >= 0.9.10)
    locomotivecms_coal (1.8.0.alpha1)
      activesupport (>= 7.1)
      faraday (~> 1.0)
      faraday_middleware (~> 1.2)
      httpclient (~> 2.8)
      mime-types (~> 3.5)
    locomotivecms_common (0.6.0.alpha1)
      activesupport (>= 5)
      attr_extras (~> 7.1.0)
      colorize
      stringex (~> 2.8.5)
    locomotivecms_steam (1.8.0.alpha2)
      RedCloth (~> 4.3.2)
      bcrypt (~> 3.1.11)
      chronic (~> 0.10.2)
      dragonfly (>= 1.2, < 1.5)
      duktape (~> 2.0.1.1)
      execjs (~> 2.9.1)
      httparty (~> 0.21.0)
      kramdown (~> 2.3.0)
      liquid (~> 4.0.4)
      locomotivecms_common (~> 0.6.0.alpha1)
      mime-types (~> 3.5.0)
      mimetype-fu (~> 0.1.2)
      moneta (~> 1.6.0)
      morphine (~> 0.1.1)
      multi_json (~> 1.15.0)
      nokogiri (~> 1.15.6)
      pony (~> 1.12)
      rack-cache (>= 1.7, < 2)
      rack-rewrite (~> 1.5.1)
      rack-session (~> 2.0.0)
      rack_csrf (~> 2.6.0)
      sanitize (~> 6.0.1)
    logger (1.7.0)
    mail (2.8.1)
      mini_mime (>= 0.1.1)
      net-imap
      net-pop
      net-smtp
    mime-types (3.5.2)
      mime-types-data (~> 3.2015)
    mime-types-data (3.2025.0722)
    mimetype-fu (0.1.2)
    mini_mime (1.1.5)
    mini_portile2 (2.8.9)
    minitest (5.25.5)
    moneta (1.6.0)
    morphine (0.1.1)
    multi_json (1.15.0)
    multi_xml (0.7.2)
      bigdecimal (~> 3.1)
    multipart-post (2.4.1)
    neatjson (0.10.5)
    net-imap (0.5.9)
      date
      net-protocol
    net-pop (0.1.2)
      net-protocol
    net-protocol (0.2.2)
      timeout
    net-smtp (0.5.1)
      net-protocol
    netrc (0.11.0)
    nio4r (2.7.4)
    nokogiri (1.15.7)
      mini_portile2 (~> 2.8.2)
      racc (~> 1.4)
    oj (3.16.11)
      bigdecimal (>= 3.0)
      ostruct (>= 0.2)
    ostruct (0.6.3)
    pony (1.13.1)
      mail (>= 2.0)
    public_suffix (6.0.2)
    puma (6.4.3)
      nio4r (~> 2.0)
    racc (1.8.1)
    rack (3.1.16)
    rack-cache (1.17.0)
      rack (>= 0.4)
    rack-rewrite (1.5.1)
    rack-session (2.0.0)
      rack (>= 3.0.0)
    rack-utm (0.0.2)
      rack
    rack_csrf (2.6.0)
      rack (>= 1.1.0)
    rackup (2.1.0)
      rack (>= 3)
      webrick (~> 1.8)
    rb-fsevent (0.11.2)
    rb-inotify (0.11.1)
      ffi (~> 1.0)
    rexml (3.4.1)
    ruby2_keywords (0.0.5)
    sanitize (6.0.2)
      crass (~> 1.0.2)
      nokogiri (>= 1.12.0)
    securerandom (0.4.1)
    stringex (2.8.6)
    temple (0.10.4)
    thor (1.3.2)
    tilt (2.6.1)
    timeout (0.4.3)
    tzinfo (2.0.6)
      concurrent-ruby (~> 1.0)
    uri (1.0.3)
    webrick (1.9.1)

PLATFORMS
  arm64-darwin-24
  ruby

DEPENDENCIES
  locomotivecms_wagon!
  shop_invader!

BUNDLED WITH
   2.5.16
