GIT
  remote: https://github.com/akretion/steam.git
  revision: 85060dbb8af707cf08a376b863167ab89e4c0e40
  branch: all-fixes
  specs:
    locomotivecms_steam (1.5.3)
      RedCloth (~> 4.3.2)
      autoprefixer-rails (~> 8.0.0)
      bcrypt (~> 3.1.11)
      chronic (~> 0.10.2)
      coffee-script (~> 2.4.1)
      compass (~> 1.0.3)
      dragonfly (~> 1.2.0)
      duktape (~> 2.0.1.1)
      httparty (~> 0.16.0)
      kramdown (~> 1.16.2)
      liquid (~> 4.0.3)
      locomotivecms_common (~> 0.4.0)
      mime-types (~> 3.1.0)
      mimetype-fu (~> 0.1.2)
      moneta (~> 1.0.0)
      morphine (~> 0.1.1)
      multi_json (~> 1.13.1)
      nokogiri (~> 1.10.8)
      parser (~> 2.7)
      pony (~> 1.12)
      rack-cache (~> 1.7.0)
      rack-rewrite (~> 1.5.1)
      rack_csrf (~> 2.6.0)
      sanitize (~> 4.6.4)
      sass (~> 3.4.25)
      sprockets (~> 3.7.1)
      uglifier (~> 4.1.3)
      unparser (~> 0.4)

GIT
  remote: https://github.com/akretion/wagon.git
  revision: f8ebc51c08ba8af867d763eb449fff1c67f16f4e
  branch: fix-slug-404-issue
  specs:
    locomotivecms_wagon (3.0.1)
      faker (~> 1.6)
      haml (~> 5.1.2)
      listen (~> 3.1.5)
      locomotivecms_coal (~> 1.6.0)
      locomotivecms_common (~> 0.4.0)
      locomotivecms_steam (~> 1.5.0)
      neatjson (~> 0.8.4)
      netrc (~> 0.11.0)
      oj (~> 3.9.2)
      puma (~> 4.3.0)
      thor (~> 0.20.3)

GIT
  remote: https://github.com/shopinvader/locomotive-shopinvader.git
  revision: 8f11385d7b5cf68ccce6895bf3d1710dd2f02ed7
  branch: v4.0.x
  specs:
    shop_invader (0.1.0)
      algoliasearch (~> 1.13.0)
      elasticsearch (~> 6.2.0)
      faraday (~> 0.15.2)

GEM
  remote: https://rubygems.org/
  specs:
    RedCloth (4.3.2)
    abstract_type (0.0.7)
    activesupport (5.2.4.3)
      concurrent-ruby (~> 1.0, >= 1.0.2)
      i18n (>= 0.7, < 2)
      minitest (~> 5.1)
      tzinfo (~> 1.1)
    adamantium (0.2.0)
      ice_nine (~> 0.11.0)
      memoizable (~> 0.4.0)
    addressable (2.7.0)
      public_suffix (>= 2.0.2, < 5.0)
    algoliasearch (1.13.0)
      httpclient (~> 2.8.3)
      json (>= 1.5.1)
    ast (2.4.1)
    attr_extras (5.2.0)
    autoprefixer-rails (8.0.0)
      execjs
    bcrypt (3.1.13)
    chronic (0.10.2)
    chunky_png (1.3.11)
    coffee-script (2.4.1)
      coffee-script-source
      execjs
    coffee-script-source (1.12.2)
    colorize (0.8.1)
    compass (1.0.3)
      chunky_png (~> 1.2)
      compass-core (~> 1.0.2)
      compass-import-once (~> 1.0.5)
      rb-fsevent (>= 0.9.3)
      rb-inotify (>= 0.9)
      sass (>= 3.3.13, < 3.5)
    compass-core (1.0.3)
      multi_json (~> 1.0)
      sass (>= 3.3.0, < 3.5)
    compass-import-once (1.0.5)
      sass (>= 3.2, < 3.5)
    concord (0.1.5)
      adamantium (~> 0.2.0)
      equalizer (~> 0.0.9)
    concurrent-ruby (1.1.6)
    crass (1.0.6)
    diff-lcs (1.4.3)
    dragonfly (1.2.0)
      addressable (~> 2.3)
      multi_json (~> 1.0)
      rack (>= 1.3)
    duktape (2.0.1.1)
    elasticsearch (6.2.0)
      elasticsearch-api (= 6.2.0)
      elasticsearch-transport (= 6.2.0)
    elasticsearch-api (6.2.0)
      multi_json
    elasticsearch-transport (6.2.0)
      faraday
      multi_json
    equalizer (0.0.11)
    execjs (2.7.0)
    faker (1.9.6)
      i18n (>= 0.7)
    faraday (0.15.4)
      multipart-post (>= 1.2, < 3)
    faraday_middleware (0.13.1)
      faraday (>= 0.7.4, < 1.0)
    ffi (1.13.1)
    haml (5.1.2)
      temple (>= 0.8.0)
      tilt
    httparty (0.16.4)
      mime-types (~> 3.0)
      multi_xml (>= 0.5.2)
    httpclient (2.8.3)
    i18n (1.8.3)
      concurrent-ruby (~> 1.0)
    ice_nine (0.11.2)
    json (2.3.1)
    kramdown (1.16.2)
    liquid (4.0.3)
    listen (3.1.5)
      rb-fsevent (~> 0.9, >= 0.9.4)
      rb-inotify (~> 0.9, >= 0.9.7)
      ruby_dep (~> 1.2)
    locomotivecms_coal (1.6.0)
      activesupport (>= 5.1.5, <= 6.0)
      faraday (~> 0.15.4)
      faraday_middleware (~> 0.13.1)
      httpclient (~> 2.8.3)
      mime-types (~> 3.1.0)
    locomotivecms_common (0.4.0)
      activesupport (>= 5.1.5, < 6.0)
      attr_extras (~> 5.2.0)
      colorize
      stringex (~> 2.8.2)
    mail (2.7.1)
      mini_mime (>= 0.1.1)
    memoizable (0.4.2)
      thread_safe (~> 0.3, >= 0.3.1)
    mime-types (3.1)
      mime-types-data (~> 3.2015)
    mime-types-data (3.2020.0512)
    mimetype-fu (0.1.2)
    mini_mime (1.0.2)
    mini_portile2 (2.4.0)
    minitest (5.14.1)
    moneta (1.0.0)
    morphine (0.1.1)
    multi_json (1.13.1)
    multi_xml (0.6.0)
    multipart-post (2.1.1)
    neatjson (0.8.4)
    netrc (0.11.0)
    nio4r (2.5.8)
    nokogiri (1.10.9)
      mini_portile2 (~> 2.4.0)
    nokogumbo (1.5.0)
      nokogiri
    oj (3.9.2)
    parser (2.7.1.4)
      ast (~> 2.4.1)
    pony (1.13.1)
      mail (>= 2.0)
    procto (0.0.3)
    public_suffix (4.0.5)
    puma (4.3.11)
      nio4r (~> 2.0)
    rack (2.2.3)
    rack-cache (1.7.2)
      rack (>= 0.4)
    rack-rewrite (1.5.1)
    rack_csrf (2.6.0)
      rack (>= 1.1.0)
    rb-fsevent (0.10.4)
    rb-inotify (0.10.1)
      ffi (~> 1.0)
    ruby_dep (1.5.0)
    sanitize (4.6.6)
      crass (~> 1.0.2)
      nokogiri (>= 1.4.4)
      nokogumbo (~> 1.4)
    sass (3.4.25)
    sprockets (3.7.2)
      concurrent-ruby (~> 1.0)
      rack (> 1, < 3)
    stringex (2.8.5)
    temple (0.8.2)
    thor (0.20.3)
    thread_safe (0.3.6)
    tilt (2.0.10)
    tzinfo (1.2.7)
      thread_safe (~> 0.1)
    uglifier (4.1.20)
      execjs (>= 0.3.0, < 3)
    unparser (0.4.7)
      abstract_type (~> 0.0.7)
      adamantium (~> 0.2.0)
      concord (~> 0.1.5)
      diff-lcs (~> 1.3)
      equalizer (~> 0.0.9)
      parser (>= 2.6.5)
      procto (~> 0.0.2)

PLATFORMS
  ruby

DEPENDENCIES
  locomotivecms_steam!
  locomotivecms_wagon!
  shop_invader!

BUNDLED WITH
   1.17.2
